GEM
  remote: http://rubygems.org/
  specs:
    actionmailer (3.2.17)
      actionpack (= 3.2.17)
      mail (~> 2.5.4)
    actionpack (3.2.17)
      activemodel (= 3.2.17)
      activesupport (= 3.2.17)
      builder (~> 3.0.0)
      erubis (~> 2.7.0)
      journey (~> 1.0.4)
      rack (~> 1.4.5)
      rack-cache (~> 1.2)
      rack-test (~> 0.6.1)
      sprockets (~> 2.2.1)
    activemodel (3.2.17)
      activesupport (= 3.2.17)
      builder (~> 3.0.0)
    activerecord (3.2.17)
      activemodel (= 3.2.17)
      activesupport (= 3.2.17)
      arel (~> 3.0.2)
      tzinfo (~> 0.3.29)
    activeresource (3.2.17)
      activemodel (= 3.2.17)
      activesupport (= 3.2.17)
    activesupport (3.2.17)
      i18n (~> 0.6, >= 0.6.4)
      multi_json (~> 1.0)
    arel (3.0.3)
    builder (3.0.4)
    coffee-rails (3.2.2)
      coffee-script (>= 2.2.0)
      railties (~> 3.2.0)
    coffee-script (2.2.0)
      coffee-script-source
      execjs
    coffee-script-source (1.2.0)
    daemons (1.1.5)
    erubis (2.7.0)
    eventmachine (0.12.10)
    execjs (1.3.0)
      multi_json (~> 1.0)
    faraday (0.8.4)
      multipart-post (~> 1.1)
    ffi (1.0.11)
    guard (1.0.1)
      ffi (>= 0.5.0)
      thor (~> 0.14.6)
    guard-test (0.4.3)
      guard (>= 0.4)
      test-unit (~> 2.2)
    hike (1.2.3)
    i18n (0.6.9)
    journey (1.0.4)
    jquery-rails (2.0.2)
      railties (>= 3.2.0, < 5.0)
      thor (~> 0.14)
    json (1.8.1)
    mail (2.5.4)
      mime-types (~> 1.16)
      treetop (~> 1.4.8)
    mime-types (1.25.1)
    multi_json (1.9.0)
    multipart-post (1.1.5)
    oauth (0.4.5)
    pg (0.12.2)
    polyglot (0.3.4)
    rack (1.4.5)
    rack-cache (1.2)
      rack (>= 0.4)
    rack-ssl (1.3.3)
      rack
    rack-test (0.6.2)
      rack (>= 1.0)
    rails (3.2.17)
      actionmailer (= 3.2.17)
      actionpack (= 3.2.17)
      activerecord (= 3.2.17)
      activeresource (= 3.2.17)
      activesupport (= 3.2.17)
      bundler (~> 1.0)
      railties (= 3.2.17)
    railties (3.2.17)
      actionpack (= 3.2.17)
      activesupport (= 3.2.17)
      rack-ssl (~> 1.3.2)
      rake (>= 0.8.7)
      rdoc (~> 3.4)
      thor (>= 0.14.6, < 2.0)
    rake (10.1.1)
    rb-fsevent (0.9.1)
    rdoc (3.12.2)
      json (~> 1.4)
    redcarpet (2.3.0)
    ruby-prof (0.13.0)
    sass (3.2.13)
    sass-rails (3.2.6)
      railties (~> 3.2.0)
      sass (>= 3.1.10)
      tilt (~> 1.3)
    simple_oauth (0.2.0)
    sprockets (2.2.2)
      hike (~> 1.2)
      multi_json (~> 1.0)
      rack (~> 1.0)
      tilt (~> 1.1, != 1.3.0)
    sqlite3 (1.3.5)
    test-unit (2.4.8)
    thin (1.3.1)
      daemons (>= 1.0.9)
      eventmachine (>= 0.12.6)
      rack (>= 1.0.0)
    thor (0.14.6)
    tilt (1.4.1)
    treetop (1.4.15)
      polyglot
      polyglot (>= 0.3.1)
    twitter (4.4.4)
      faraday (~> 0.8, < 0.10)
      multi_json (~> 1.0)
      simple_oauth (~> 0.2)
    tzinfo (0.3.39)
    uglifier (1.2.4)
      execjs (>= 0.3.0)
      multi_json (>= 1.0.2)

PLATFORMS
  ruby

DEPENDENCIES
  coffee-rails (~> 3.2.2)
  guard-test
  jquery-rails
  oauth (~> 0.4.5)
  pg
  rails (= 3.2.17)
  rb-fsevent
  redcarpet
  ruby-prof
  sass-rails (~> 3.2.6)
  sqlite3
  thin
  twitter
  uglifier (~> 1.2.4)
